GEM
  remote: https://rubygems.org/
  specs:
<<<<<<< HEAD
=======
    nokogiri (1.5.6)
>>>>>>> f4e2f235779371292a602297f3e8d0b72a1d811f
    rack (1.5.2)
    rack-protection (1.5.0)
      rack
    sinatra (1.4.3)
      rack (~> 1.4)
      rack-protection (~> 1.4)
      tilt (~> 1.3, >= 1.3.4)
    tilt (1.4.1)

PLATFORMS
  ruby

DEPENDENCIES
<<<<<<< HEAD
  sinatra
=======
  nokogiri
  sinatra (= 1.4.3)
>>>>>>> f4e2f235779371292a602297f3e8d0b72a1d811f
