GEM
  remote: https://rubygems.org/
  specs:
    coderay (1.0.8)
    guard (1.5.4)
      listen (>= 0.4.2)
      lumberjack (>= 1.0.2)
      pry (>= 0.9.10)
      thor (>= 0.14.6)
    guard-minitest (0.5.0)
      guard (>= 0.4)
    listen (0.6.0)
    lumberjack (1.0.2)
    method_source (0.8.1)
    nokogiri (1.5.10)
    pry (0.9.10)
      coderay (~> 1.0.5)
      method_source (~> 0.8)
      slop (~> 3.3.1)
    rack (1.5.2)
    rack-protection (1.5.0)
      rack
    rack-test (0.6.2)
      rack (>= 1.0)
    rake (10.1.0)
    sinatra (1.4.3)
      rack (~> 1.4)
      rack-protection (~> 1.4)
      tilt (~> 1.3, >= 1.3.4)
    slop (3.3.3)
    thor (0.18.1)
    tilt (1.4.1)

PLATFORMS
  ruby

DEPENDENCIES
  guard
  guard-minitest
  nokogiri
  rack-test
  rake
  sinatra
